GEM
  remote: https://rubygems.org/
  specs:
    pg (0.19.0)
    puma (3.6.0)
    rack (2.0.1)
    rack-unreloader (1.5.0)
    roda (2.19.0)
      rack
    sequel (4.40.0)
    sequel_pg (1.6.17)
      pg (>= 0.8.0)
      sequel (>= 4.0.0)

PLATFORMS
  ruby

DEPENDENCIES
  puma
  rack-unreloader
  roda
  sequel
  sequel_pg

BUNDLED WITH
   1.13.6
